GEM
  remote: https://rubygems.org/
  specs:
    rake (11.2.2)
    rubygems-tasks (0.2.4)

PLATFORMS
  ruby

DEPENDENCIES
  rake
  rubygems-tasks

BUNDLED WITH
   1.11.2
